GEM
  remote: https://rubygems.org/
  specs:
    activesupport (7.1.2)
      base64
      bigdecimal
      concurrent-ruby (~> 1.0, >= 1.0.2)
      connection_pool (>= 2.2.5)
      drb
      i18n (>= 1.6, < 2)
      minitest (>= 5.1)
      mutex_m
      tzinfo (~> 2.0)
    base64 (0.2.0)
    better_errors (2.10.1)
      erubi (>= 1.0.0)
      rack (>= 0.9.0)
      rouge (>= 1.0.0)
    bigdecimal (3.1.5)
    browser (5.3.1)
    byebug (11.1.3)
    chunky_png (1.4.0)
    coderay (1.1.3)
    concurrent-ruby (1.2.2)
    connection_pool (2.4.1)
    daemons (1.4.1)
    drb (2.2.0)
      ruby2_keywords
    erubi (1.12.0)
    ethon (0.16.0)
      ffi (>= 1.15.0)
    eventmachine (1.2.7)
    execjs (2.8.1)
    exifr (1.4.0)
    ffi (1.15.5)
    fspath (3.1.2)
    highline (2.0.3)
    html-pipeline (2.14.3)
      activesupport (>= 2)
      nokogiri (>= 1.4)
    i18n (1.14.1)
      concurrent-ruby (~> 1.0)
    image_optim (0.31.3)
      exifr (~> 1.2, >= 1.2.2)
      fspath (~> 3.0)
      image_size (>= 1.5, < 4)
      in_threads (~> 1.3)
      progress (~> 3.0, >= 3.0.1)
    image_optim_pack (0.10.1)
      fspath (>= 2.1, < 4)
      image_optim (~> 0.19)
    image_size (3.3.0)
    in_threads (1.6.0)
    method_source (1.0.0)
    mini_portile2 (2.8.4)
    minitest (5.20.0)
    multi_json (1.15.0)
    mustermann (3.0.0)
      ruby2_keywords (~> 0.0.1)
    mutex_m (0.2.0)
    net-sftp (4.0.0)
      net-ssh (>= 5.0.0, < 8.0.0)
    net-ssh (7.0.1)
    newrelic_rpm (8.16.0)
    nokogiri (1.15.4)
      mini_portile2 (~> 2.8.2)
      racc (~> 1.4)
    options (2.3.2)
    progress (3.6.0)
    progress_bar (1.3.3)
      highline (>= 1.6, < 3)
      options (~> 2.3.0)
    pry (0.14.2)
      coderay (~> 1.1)
      method_source (~> 1.0)
    pry-byebug (3.10.1)
      byebug (~> 11.0)
      pry (>= 0.13, < 0.15)
    racc (1.6.2)
    rack (2.2.8)
    rack-protection (3.2.0)
      base64 (>= 0.1.0)
      rack (~> 2.2, >= 2.2.4)
    rack-ssl-enforcer (0.2.9)
    rack-test (2.1.0)
      rack (>= 1.3)
    rake (13.1.0)
    redcarpet (3.6.0)
    rexml (3.2.6)
    rouge (1.11.1)
    rr (3.1.0)
    rss (0.3.0)
      rexml
    ruby2_keywords (0.0.5)
    sassc (2.4.0)
      ffi (~> 1.9)
    sinatra (3.2.0)
      mustermann (~> 3.0)
      rack (~> 2.2, >= 2.2.4)
      rack-protection (= 3.2.0)
      tilt (~> 2.0)
    sinatra-contrib (3.2.0)
      multi_json (>= 0.0.2)
      mustermann (~> 3.0)
      rack-protection (= 3.2.0)
      sinatra (= 3.2.0)
      tilt (~> 2.0)
    sprockets (4.2.1)
      concurrent-ruby (~> 1.0)
      rack (>= 2.2.4, < 4)
    sprockets-helpers (1.4.0)
      sprockets (>= 2.2)
    strings (0.2.1)
      strings-ansi (~> 0.2)
      unicode-display_width (>= 1.5, < 3.0)
      unicode_utils (~> 1.4)
    strings-ansi (0.2.0)
    terminal-table (3.0.2)
      unicode-display_width (>= 1.1.1, < 3)
    terser (1.1.20)
      execjs (>= 0.3.0, < 3)
    thin (1.8.2)
      daemons (~> 1.0, >= 1.0.9)
      eventmachine (~> 1.0, >= 1.0.4)
      rack (>= 1, < 3)
    thor (1.3.0)
    tilt (2.3.0)
    tty-pager (0.14.0)
      strings (~> 0.2.0)
      tty-screen (~> 0.8)
    tty-screen (0.8.1)
    typhoeus (1.4.0)
      ethon (>= 0.9.0)
    tzinfo (2.0.6)
      concurrent-ruby (~> 1.0)
    unicode-display_width (2.3.0)
    unicode_utils (1.4.0)
    unix_utils (0.0.15)
    yajl-ruby (1.4.3)

PLATFORMS
  ruby

DEPENDENCIES
  activesupport
  better_errors
  browser
  chunky_png
  erubi
  html-pipeline
  image_optim
  image_optim_pack
  minitest
  net-sftp
  newrelic_rpm
  nokogiri
  progress_bar
  pry-byebug
  rack
  rack-ssl-enforcer
  rack-test
  rake
  redcarpet
  rr
  rss
  sassc
  sinatra
  sinatra-contrib
  sprockets
  sprockets-helpers
  terminal-table
  terser
  thin
  thor
  tty-pager
  typhoeus
  unix_utils
  yajl-ruby

RUBY VERSION
   ruby 3.3.0p0

BUNDLED WITH
   2.5.4
